GEM
  remote: https://rubygems.org/
  specs:
    mustermann (1.0.2)
    rack (2.0.4)
    rack-protection (2.0.1)
      rack
    sinatra (2.0.1)
      mustermann (~> 1.0)
      rack (~> 2.0)
      rack-protection (= 2.0.1)
      tilt (~> 2.0)
    tilt (2.0.8)

PLATFORMS
  ruby

DEPENDENCIES
  bundler (= 2.2.11)
  rack
  sinatra

RUBY VERSION
   ruby 2.6.6p146

BUNDLED WITH
   2.2.11
